GEM
  remote: https://rubygems.org/
  specs:
    ast (2.4.0)
    diff-lcs (1.3)
    docile (1.3.1)
    ethon (0.12.0)
      ffi (>= 1.3.0)
    ffi (1.10.0)
    jaro_winkler (1.5.1)
    json (2.1.0)
    mini_portile2 (2.3.0)
    nokogiri (1.8.4)
      mini_portile2 (~> 2.3.0)
    nori (2.6.0)
    openssl (2.1.2)
    parallel (1.12.1)
    parser (2.5.1.2)
      ast (~> 2.4.0)
    powerpack (0.1.2)
    rainbow (3.0.0)
    retries (0.0.5)
    rspec (3.7.0)
      rspec-core (~> 3.7.0)
      rspec-expectations (~> 3.7.0)
      rspec-mocks (~> 3.7.0)
    rspec-core (3.7.1)
      rspec-support (~> 3.7.0)
    rspec-expectations (3.7.0)
      diff-lcs (>= 1.2.0, < 2.0)
      rspec-support (~> 3.7.0)
    rspec-mocks (3.7.0)
      diff-lcs (>= 1.2.0, < 2.0)
      rspec-support (~> 3.7.0)
    rspec-support (3.7.1)
    rubocop (0.58.2)
      jaro_winkler (~> 1.5.1)
      parallel (~> 1.10)
      parser (>= 2.5, != 2.5.1.1)
      powerpack (~> 0.1)
      rainbow (>= 2.2.2, < 4.0)
      ruby-progressbar (~> 1.7)
      unicode-display_width (~> 1.0, >= 1.0.1)
    ruby-progressbar (1.9.0)
    simplecov (0.16.1)
      docile (~> 1.1)
      json (>= 1.8, < 3)
      simplecov-html (~> 0.10.0)
    simplecov-html (0.10.2)
    swagger_aem (2.5.0)
      json (~> 2.1, >= 2.1.0)
      typhoeus (~> 1.0, >= 1.0.1)
    typhoeus (1.3.1)
      ethon (>= 0.9.0)
    unicode-display_width (1.4.0)
    yaml-lint (0.0.10)
    yard (0.9.15)

PLATFORMS
  ruby

DEPENDENCIES
  nokogiri (~> 1.8.1)
  nori (~> 2.6.0)
  openssl (~> 2.1.2)
  retries (~> 0.0.5)
  rspec
  rubocop
  simplecov
  swagger_aem (~> 2.5.0)
  yaml-lint
  yard (~> 0.9.11)

BUNDLED WITH
   2.0.1
